NUGET
  remote: https://nuget.org/api/v2
  specs:
    FSharp.Actor-logary (3.4.0)
      FSharp.Core (>= 4.0.0.1)
    FSharp.Core (4.0.0.1)
    FsPickler (1.3.7)
    Logary (3.4.0)
      FSharp.Actor-logary (>= 3.4.0)
      FSharp.Core (>= 4.0.0.1)
      Newtonsoft.Json (>= 6.0.8)
      Newtonsoft.Json.FSharp (>= 3.2.2)
      NodaTime (>= 1.3.1)
      NodaTime.Serialization.JsonNet (>= 1.3.1)
    Logary.Adapters.Suave (3.4.0)
      FSharp.Core (>= 4.0.0.1)
      Logary (>= 3.4.0)
      NodaTime (>= 1.3.1)
      Suave (>= 0.31.1)
    Newtonsoft.Json (7.0.1)
    Newtonsoft.Json.FSharp (3.2.2)
      FSharp.Core (>= 3.1.2.1)
      Newtonsoft.Json (>= 6.0.8)
      NodaTime (>= 1.3.0)
    NodaTime (1.3.1)
    NodaTime.Serialization.JsonNet (1.3.1)
      Newtonsoft.Json (>= 4.5.11)
      NodaTime (>= 1.3.0)
    Suave (0.31.1)
      FSharp.Core (>= 4.0.0.1)
      FsPickler (>= 1.2.5)
